GEM
  remote: http://rubygems.org/
  specs:
    foreman (0.60.2)
      thor (>= 0.13.6)
    puma (1.6.3)
      rack (~> 1.2)
    rack (1.4.1)
    thor (0.16.0)

PLATFORMS
  ruby

DEPENDENCIES
  foreman
  puma
  rack
